GEM
  remote: https://rubygems.org/
  specs:
    classifier (1.3.3)
      fast-stemmer (>= 1.0.0)
    colorator (0.1)
    commander (4.1.3)
      highline (~> 1.6.11)
    directory_watcher (1.4.1)
    fast-stemmer (1.0.2)
    haml (4.0.3)
      tilt
    highline (1.6.19)
    hike (1.2.3)
    jekyll (1.0.3)
      classifier (~> 1.3)
      colorator (~> 0.1)
      commander (~> 4.1.3)
      directory_watcher (~> 1.4.1)
      kramdown (~> 1.0.2)
      liquid (~> 2.3)
      maruku (~> 0.5)
      pygments.rb (~> 0.5.0)
      safe_yaml (~> 0.7.0)
    jekyll-assets (0.5.3)
      jekyll (~> 1.0)
      sprockets (~> 2.9)
    jekyll-haml (0.1.1)
      haml (>= 3.0.0)
      jekyll (>= 0.10.0)
    kramdown (1.0.2)
    liquid (2.5.0)
    maruku (0.6.1)
      syntax (>= 1.0.0)
    multi_json (1.7.7)
    posix-spawn (0.3.6)
    pygments.rb (0.5.1)
      posix-spawn (~> 0.3.6)
      yajl-ruby (~> 1.1.0)
    rack (1.5.2)
    rake (10.1.0)
    safe_yaml (0.7.1)
    sprockets (2.10.0)
      hike (~> 1.2)
      multi_json (~> 1.0)
      rack (~> 1.0)
      tilt (~> 1.1, != 1.3.0)
    syntax (1.0.0)
    tilt (1.4.1)
    yajl-ruby (1.1.0)

PLATFORMS
  ruby

DEPENDENCIES
  jekyll
  jekyll-assets
  jekyll-haml
  rake
